PATH
  remote: ../../star_adapter_mongodb
  specs:
    star_adapter_mongodb (0.1.0)
      mongo (~> 2.21)

PATH
  remote: ../../star_server
  specs:
    star_server (0.1.0)

GEM
  remote: https://rubygems.org/
  specs:
    base64 (0.2.0)
    bson (5.0.2)
    dotenv (3.1.6)
    ffi (1.17.0)
    ffi (1.17.0-arm64-darwin)
    ffi-compiler (1.3.2)
      ffi (>= 1.15.5)
      rake
    mongo (2.21.0)
      bson (>= 4.14.1, < 6.0.0)
    rake (13.2.1)
    scrypt (3.0.8)
      ffi-compiler (>= 1.0, < 2.0)
      rake (>= 9, < 14)

PLATFORMS
  arm64-darwin-23
  ruby

DEPENDENCIES
  base64 (~> 0.2.0)
  dotenv (~> 3.1)
  scrypt (~> 3.0)
  star_adapter_mongodb!
  star_server!

BUNDLED WITH
   2.5.18
