PATH
  remote: ../..
  specs:
    star_server (0.1.0)

GEM
  remote: https://rubygems.org/
  specs:
    base64 (0.2.0)
    ffi (1.17.0)
    ffi (1.17.0-arm64-darwin)
    ffi-compiler (1.3.2)
      ffi (>= 1.15.5)
      rake
    rake (13.2.1)
    scrypt (3.0.8)
      ffi-compiler (>= 1.0, < 2.0)
      rake (>= 9, < 14)

PLATFORMS
  arm64-darwin-23
  ruby

DEPENDENCIES
  base64 (~> 0.2.0)
  scrypt (~> 3.0)
  star_server!

BUNDLED WITH
   2.5.18
